GEM
  remote: https://rubygems.org/
  specs:
    aws-sdk-core (2.0.3)
      builder (~> 3.0)
      jamespath (>= 0.5.1)
      multi_json (~> 1.0)
      multi_xml (~> 0.5)
    builder (3.2.2)
    dotenv (0.11.1)
      dotenv-deployment (~> 0.0.2)
    dotenv-deployment (0.0.2)
    foreman (0.75.0)
      dotenv (~> 0.11.1)
      thor (~> 0.19.1)
    haml (3.1.8)
    jamespath (0.5.1)
    multi_json (1.10.1)
    multi_xml (0.5.5)
    rack (1.5.2)
    rack-protection (1.5.3)
      rack
    shotgun (0.9)
      rack (>= 1.0)
    sinatra (1.4.5)
      rack (~> 1.4)
      rack-protection (~> 1.4)
      tilt (~> 1.3, >= 1.3.4)
    thor (0.19.1)
    tilt (1.4.1)

PLATFORMS
  ruby

DEPENDENCIES
  aws-sdk-core (~> 2.0.3)
  foreman
  haml
  shotgun
  sinatra
